GEM
  remote: http://rubygems.org/
  specs:
    activesupport (3.2.12)
      i18n (~> 0.6)
      multi_json (~> 1.0)
    addressable (2.3.3)
    crack (0.3.2)
    diff-lcs (1.2.1)
    dragonfly (0.9.14)
      multi_json (~> 1.0)
      rack
    git (1.2.5)
    httparty (0.10.2)
      multi_json (~> 1.0)
      multi_xml (>= 0.5.2)
    i18n (0.6.2)
    imagesize (0.1.1)
    jeweler (1.8.4)
      bundler (~> 1.0)
      git (>= 1.2.5)
      rake
      rdoc
    multi_json (1.6.1)
    multi_xml (0.5.3)
    newrelic_rpm (3.5.7.59)
    rack (1.5.2)
    rack-protection (1.3.2)
      rack
    rack-test (0.6.2)
      rack (>= 1.0)
    rake (10.0.3)
    rdoc (4.0.0)
    rspec (2.13.0)
      rspec-core (~> 2.13.0)
      rspec-expectations (~> 2.13.0)
      rspec-mocks (~> 2.13.0)
    rspec-core (2.13.0)
    rspec-expectations (2.13.0)
      diff-lcs (>= 1.1.3, < 2.0)
    rspec-mocks (2.13.0)
    sinatra (1.3.5)
      rack (~> 1.4)
      rack-protection (~> 1.3)
      tilt (~> 1.3, >= 1.3.3)
    tilt (1.3.3)
    webmock (1.9.3)
      addressable (>= 2.2.7)
      crack (>= 0.3.2)

PLATFORMS
  ruby

DEPENDENCIES
  activesupport (>= 2.0.0)
  addressable (~> 2.2)
  dragonfly (~> 0.9.14)
  httparty (~> 0.8)
  imagesize (~> 0.1)
  jeweler (~> 1.5)
  newrelic_rpm
  rack-test
  rspec (~> 2.4)
  sinatra (~> 1.2)
  webmock (~> 1.6)
