GEM
  remote: http://rubygems.org/
  specs:
    activesupport (3.1.0)
      multi_json (~> 1.0)
    addressable (2.2.6)
    crack (0.1.8)
    diff-lcs (1.1.3)
    dragonfly (0.9.5)
      rack
    git (1.2.5)
    httparty (0.7.8)
      crack (= 0.1.8)
    imagesize (0.1.1)
    jeweler (1.6.4)
      bundler (~> 1.0)
      git (>= 1.2.5)
      rake
    multi_json (1.0.3)
    newrelic_rpm (3.1.1)
    rack (1.3.2)
    rack-test (0.6.1)
      rack (>= 1.0)
    rake (0.9.2)
    rcov (0.9.10)
    rspec (2.6.0)
      rspec-core (~> 2.6.0)
      rspec-expectations (~> 2.6.0)
      rspec-mocks (~> 2.6.0)
    rspec-core (2.6.4)
    rspec-expectations (2.6.0)
      diff-lcs (~> 1.1.2)
    rspec-mocks (2.6.0)
    sinatra (1.2.6)
      rack (~> 1.1)
      tilt (< 2.0, >= 1.2.2)
    tilt (1.3.3)
    webmock (1.7.6)
      addressable (~> 2.2, > 2.2.5)
      crack (>= 0.1.7)

PLATFORMS
  ruby

DEPENDENCIES
  activesupport (>= 2.0.0)
  addressable (~> 2.2)
  dragonfly (~> 0.9.1)
  httparty (~> 0.7.3)
  imagesize (~> 0.1)
  jeweler (~> 1.5)
  newrelic_rpm
  rack-test
  rcov
  rspec (~> 2.4)
  sinatra (~> 1.2.1)
  webmock (~> 1.6)
