GEM
  remote: http://rubygems.org/
  specs:
    activesupport (3.2.0)
      i18n (~> 0.6)
      multi_json (~> 1.0)
    addressable (2.2.6)
    crack (0.1.8)
    diff-lcs (1.1.3)
    dragonfly (0.9.10)
      rack
    git (1.2.5)
    httparty (0.7.8)
      crack (= 0.1.8)
    i18n (0.6.0)
    imagesize (0.1.1)
    jeweler (1.8.3)
      bundler (~> 1.0)
      git (>= 1.2.5)
      rake
      rdoc
    json (1.6.5)
    multi_json (1.0.4)
    newrelic_rpm (3.3.1)
    rack (1.4.1)
    rack-test (0.6.1)
      rack (>= 1.0)
    rake (0.9.2.2)
    rdoc (3.12)
      json (~> 1.4)
    rspec (2.8.0)
      rspec-core (~> 2.8.0)
      rspec-expectations (~> 2.8.0)
      rspec-mocks (~> 2.8.0)
    rspec-core (2.8.0)
    rspec-expectations (2.8.0)
      diff-lcs (~> 1.1.2)
    rspec-mocks (2.8.0)
    sinatra (1.2.8)
      rack (~> 1.1)
      tilt (>= 1.2.2, < 2.0)
    tilt (1.3.3)
    webmock (1.7.10)
      addressable (~> 2.2, > 2.2.5)
      crack (>= 0.1.7)

PLATFORMS
  ruby

DEPENDENCIES
  activesupport (>= 2.0.0)
  addressable (~> 2.2)
  dragonfly (~> 0.9.1)
  httparty (~> 0.7.3)
  imagesize (~> 0.1)
  jeweler (~> 1.5)
  newrelic_rpm
  rack-test
  rspec (~> 2.4)
  sinatra (~> 1.2.1)
  webmock (~> 1.6)
